PATH
  remote: .
  specs:
    thrift_rack (0.2.5)
      net-http-persistent (>= 3.0)
      rack (>= 2.0.6)
      redis (>= 3.0)
      thrift (~> 0.10)

GEM
  remote: https://rubygems.org/
  specs:
    coderay (1.1.2)
    connection_pool (2.2.3)
    method_source (0.9.0)
    net-http-persistent (4.0.0)
      connection_pool (~> 2.2)
    pry (0.11.3)
      coderay (~> 1.1.0)
      method_source (~> 0.9.0)
    rack (2.2.3.1)
    rake (13.0.1)
    redis (4.2.1)
    thrift (0.11.0.0)

PLATFORMS
  ruby

DEPENDENCIES
  bundler (~> 1.16)
  pry (~> 0)
  rake (~> 13.0)
  thrift_rack!

BUNDLED WITH
   1.17.3
