PATH
  remote: .
  specs:
    thrift_rack (0.1.9)
      connection_pool (~> 2.2.1)
      excon (~> 0.62.0)
      rack (>= 2.0)
      thrift (~> 0.10.0)

GEM
  remote: https://rubygems.org/
  specs:
    coderay (1.1.2)
    connection_pool (2.2.1)
    excon (0.62.0)
    method_source (0.9.0)
    pry (0.11.3)
      coderay (~> 1.1.0)
      method_source (~> 0.9.0)
    rack (2.0.5)
    rake (10.5.0)
    thrift (0.10.0.0)

PLATFORMS
  ruby

DEPENDENCIES
  bundler (~> 1.16)
  pry (~> 0)
  rake (~> 10.0)
  thrift_rack!

BUNDLED WITH
   1.16.1
